GEM
  remote: https://rubygems.org/
  specs:
    addressable (2.6.0)
      public_suffix (>= 2.0.2, < 4.0)
    ast (2.4.0)
    backport (0.3.0)
    bigdecimal (1.4.3)
    coderay (1.1.2)
    coinbase (4.2.1)
    coinbase-exchange (0.2.0)
      bigdecimal
      em-http-request
      faye-websocket
    colorize (0.8.1)
    concurrent-ruby (1.1.5)
    cookiejar (0.3.3)
    creatable (2.3.1)
    cryptoexchange (0.27.0)
      http (~> 3.0.0)
      lru_redux
      websocket-eventmachine-client
    daemons (1.3.1)
    diff-lcs (1.3)
    domain_name (0.5.20180417)
      unf (>= 0.0.5, < 1.0.0)
    dotenv (2.7.2)
    em-http-request (1.1.5)
      addressable (>= 2.3.4)
      cookiejar (!= 0.3.1)
      em-socksify (>= 0.3)
      eventmachine (>= 1.0.3)
      http_parser.rb (>= 0.6.0)
    em-socksify (0.3.2)
      eventmachine (>= 1.0.0.beta.4)
    equatable (0.5.0)
    et-orbi (1.2.1)
      tzinfo
    eventmachine (1.2.7)
    excon (0.64.0)
    faye-websocket (0.10.7)
      eventmachine (>= 0.12.0)
      websocket-driver (>= 0.5.1)
    fugit (1.2.1)
      et-orbi (~> 1.1, >= 1.1.8)
      raabro (~> 1.1)
    gserver (0.0.1)
    htmlentities (4.3.4)
    http (3.0.0)
      addressable (~> 2.3)
      http-cookie (~> 1.0)
      http-form_data (>= 2.0.0.pre.pre2, < 3)
      http_parser.rb (~> 0.6.0)
    http-cookie (1.0.3)
      domain_name (~> 0.5)
    http-form_data (2.1.1)
    http_parser.rb (0.6.0)
    jaro_winkler (1.5.2)
    kramdown (1.16.2)
    lru_redux (1.1.0)
    method_source (0.9.2)
    mini_portile2 (2.4.0)
    moving_average (0.1.1)
    necromancer (0.4.0)
    nokogiri (1.10.3)
      mini_portile2 (~> 2.4.0)
    oj (3.7.12)
    parallel (1.17.0)
    parser (2.6.3.0)
      ast (~> 2.4.0)
    pastel (0.7.2)
      equatable (~> 0.5.0)
      tty-color (~> 0.4.0)
    percentage (1.2.0)
    pry (0.12.2)
      coderay (~> 1.1.0)
      method_source (~> 0.9.0)
    psych (3.1.0)
    public_suffix (3.0.3)
    pushover (2.0.0)
      creatable
      excon
      oj
    raabro (1.1.6)
    rainbow (3.0.0)
    rb-readline (0.5.5)
    redis (4.1.1)
    reverse_markdown (1.1.0)
      nokogiri
    rouge (3.3.0)
    rubocop (0.67.2)
      jaro_winkler (~> 1.5.1)
      parallel (~> 1.10)
      parser (>= 2.5, != 2.5.1.1)
      psych (>= 3.1.0)
      rainbow (>= 2.2.2, < 4.0)
      ruby-progressbar (~> 1.7)
      unicode-display_width (>= 1.4.0, < 1.6)
    ruby-progressbar (1.10.0)
    rufus-scheduler (3.6.0)
      fugit (~> 1.1, >= 1.1.6)
    solargraph (0.31.3)
      backport (~> 0.3)
      htmlentities (~> 4.3, >= 4.3.4)
      jaro_winkler (~> 1.5)
      kramdown (~> 1.16)
      parser (~> 2.3)
      reverse_markdown (~> 1.0, >= 1.0.5)
      rubocop (~> 0.52)
      thor (~> 0.19, >= 0.19.4)
      tilt (~> 2.0)
      yard (~> 0.9)
    standard (0.0.39)
      rubocop (~> 0.67.1)
    strings (0.1.5)
      strings-ansi (~> 0.1)
      unicode-display_width (~> 1.5)
      unicode_utils (~> 1.4)
    strings-ansi (0.1.0)
    thor (0.20.3)
    tilt (2.0.9)
    timers (4.3.0)
    tty (0.9.1)
      bundler (~> 1.16, < 2.0)
      equatable (~> 0.5)
      pastel (~> 0.7.2)
      thor (~> 0.20.0)
      tty-box (~> 0.3.0)
      tty-color (~> 0.4)
      tty-command (~> 0.8.0)
      tty-config (~> 0.3.0)
      tty-cursor (~> 0.6)
      tty-editor (~> 0.5.0)
      tty-file (~> 0.7.0)
      tty-font (~> 0.2.0)
      tty-markdown (~> 0.5.0)
      tty-pager (~> 0.12.0)
      tty-pie (~> 0.1.0)
      tty-platform (~> 0.2.0)
      tty-progressbar (~> 0.16.0)
      tty-prompt (~> 0.18.0)
      tty-screen (~> 0.6)
      tty-spinner (~> 0.9.0)
      tty-table (~> 0.10.0)
      tty-tree (~> 0.2.0)
      tty-which (~> 0.4)
    tty-box (0.3.0)
      pastel (~> 0.7.2)
      strings (~> 0.1.4)
      tty-cursor (~> 0.6.0)
    tty-color (0.4.3)
    tty-command (0.8.2)
      pastel (~> 0.7.0)
    tty-config (0.3.1)
    tty-cursor (0.6.1)
    tty-editor (0.5.0)
      tty-prompt (~> 0.18)
      tty-which (~> 0.4)
    tty-file (0.7.1)
      diff-lcs (~> 1.3)
      pastel (~> 0.7.2)
      tty-prompt (~> 0.18)
    tty-font (0.2.0)
    tty-markdown (0.5.1)
      kramdown (~> 1.16.2)
      pastel (~> 0.7.2)
      rouge (~> 3.3)
      strings (~> 0.1.4)
      tty-color (~> 0.4)
      tty-screen (~> 0.6)
    tty-pager (0.12.1)
      strings (~> 0.1.4)
      tty-screen (~> 0.6)
      tty-which (~> 0.4)
    tty-pie (0.1.0)
      pastel (~> 0.7.2)
      tty-cursor (~> 0.6.0)
    tty-platform (0.2.0)
    tty-progressbar (0.16.0)
      strings-ansi (~> 0.1.0)
      tty-cursor (~> 0.6.0)
      tty-screen (~> 0.6.4)
      unicode-display_width (~> 1.3)
    tty-prompt (0.18.1)
      necromancer (~> 0.4.0)
      pastel (~> 0.7.0)
      timers (~> 4.0)
      tty-cursor (~> 0.6.0)
      tty-reader (~> 0.5.0)
    tty-reader (0.5.0)
      tty-cursor (~> 0.6.0)
      tty-screen (~> 0.6.4)
      wisper (~> 2.0.0)
    tty-screen (0.6.5)
    tty-spinner (0.9.0)
      tty-cursor (~> 0.6.0)
    tty-table (0.10.0)
      equatable (~> 0.5.0)
      necromancer (~> 0.4.0)
      pastel (~> 0.7.2)
      strings (~> 0.1.0)
      tty-screen (~> 0.6.4)
    tty-tree (0.2.0)
    tty-which (0.4.0)
    tzinfo (2.0.0)
      concurrent-ruby (~> 1.0)
    unf (0.1.4)
      unf_ext
    unf_ext (0.0.7.6)
    unicode-display_width (1.5.0)
    unicode_utils (1.4.0)
    websocket (1.2.8)
    websocket-driver (0.7.0)
      websocket-extensions (>= 0.1.0)
    websocket-eventmachine-base (1.2.0)
      eventmachine (~> 1.0)
      websocket (~> 1.0)
      websocket-native (~> 1.0)
    websocket-eventmachine-client (1.2.0)
      websocket-eventmachine-base (~> 1.0)
    websocket-extensions (0.1.3)
    websocket-native (1.0.0)
    wisper (2.0.0)
    yard (0.9.19)
    zeitwerk (1.0.0)

PLATFORMS
  ruby

DEPENDENCIES
  coinbase
  coinbase-exchange
  colorize
  cryptoexchange
  daemons
  dotenv
  eventmachine
  gserver
  moving_average
  percentage
  pry
  pushover
  rb-readline
  redis
  rubocop
  rufus-scheduler
  solargraph
  standard
  tty
  zeitwerk (~> 1.0.0.beta2)

BUNDLED WITH
   1.16.6
